GEM
  remote: https://rubygems.org/
  specs:
    coderay (1.1.3)
    fileutils (1.1.0)
    json (2.5.1)
    method_source (1.0.0)
    pry (0.14.1)
      coderay (~> 1.1)
      method_source (~> 1.0)

PLATFORMS
  x86_64-darwin-19

DEPENDENCIES
  fileutils
  json
  pry

BUNDLED WITH
   2.2.16
